GEM
  remote: https://rubygems.org/
  specs:
    childprocess (0.5.3)
      ffi (~> 1.0, >= 1.0.11)
    coffee-script (2.3.0)
      coffee-script-source
      execjs
    coffee-script-source (1.7.1)
    diff-lcs (1.2.5)
    execjs (2.2.1)
    ffi (1.9.3)
    hike (1.2.3)
    jasmine (1.3.2)
      jasmine-core (~> 1.3.1)
      rack (~> 1.0)
      rack (~> 1.0)
      rack (~> 1.0)
      rack (~> 1.0)
      rack (~> 1.0)
      rack (~> 1.0)
      rack (~> 1.0)
      rack (~> 1.0)
      rack (~> 1.0)
      rack (~> 1.0)
      rack (~> 1.0)
      rack (~> 1.0)
      rack (~> 1.0)
      rack (~> 1.0)
      rack (~> 1.0)
      rspec (>= 1.3.1)
      rspec (>= 1.3.1)
      rspec (>= 1.3.1)
      rspec (>= 1.3.1)
      rspec (>= 1.3.1)
      rspec (>= 1.3.1)
      rspec (>= 1.3.1)
      rspec (>= 1.3.1)
      rspec (>= 1.3.1)
      rspec (>= 1.3.1)
      rspec (>= 1.3.1)
      rspec (>= 1.3.1)
      rspec (>= 1.3.1)
      rspec (>= 1.3.1)
      rspec (>= 1.3.1)
      selenium-webdriver (>= 0.1.3)
    jasmine-core (1.3.1)
    jasmine-headless-webkit (0.8.4)
      coffee-script
      jasmine-core (~> 1.1)
      multi_json
      rainbow
      sprockets (~> 2)
    multi_json (1.10.1)
    rack (1.5.2)
    rainbow (2.0.0)
    rake (10.3.2)
    rspec (3.0.0)
      rspec-core (~> 3.0.0)
      rspec-expectations (~> 3.0.0)
      rspec-mocks (~> 3.0.0)
    rspec-core (3.0.3)
      rspec-support (~> 3.0.0)
    rspec-expectations (3.0.3)
      diff-lcs (>= 1.2.0, < 2.0)
      rspec-support (~> 3.0.0)
    rspec-mocks (3.0.3)
      rspec-support (~> 3.0.0)
    rspec-support (3.0.3)
    rubyzip (1.1.6)
    selenium-webdriver (2.42.0)
      childprocess (>= 0.5.0)
      multi_json (~> 1.0)
      rubyzip (~> 1.0)
      websocket (~> 1.0.4)
    sprockets (2.12.1)
      hike (~> 1.2)
      multi_json (~> 1.0)
      rack (~> 1.0)
      tilt (~> 1.1, != 1.3.0)
    tilt (1.4.1)
    websocket (1.0.7)

PLATFORMS
  ruby

DEPENDENCIES
  jasmine
  jasmine-headless-webkit
  rake
  rspec
